GEM
  remote: https://rubygems.org/

PLATFORMS
  ruby

DEPENDENCIES
